PATH
  remote: ~/Projects/Aims
  specs:
    aims (0.1.0)

GEM
  remote: http://rubygems.org/
  remote: http://rubyforge.org/
  specs:
    ruby-opengl2 (0.60.3)
    wxruby-ruby19 (2.0.1)

PLATFORMS
  ruby

DEPENDENCIES
  aims!
  ruby-opengl2
  wxruby-ruby19
